GEM
  remote: http://rubygems.org/
  specs:
    addressable (2.4.0)
    ast (2.4.2)
    builder (3.2.3)
    coderay (1.1.3)
    concurrent-ruby (1.1.10)
    debug (1.8.0)
      irb (>= 1.5.0)
      reline (>= 0.3.1)
    descendants_tracker (0.0.4)
      thread_safe (~> 0.3, >= 0.3.1)
    faraday (0.9.2)
      multipart-post (>= 1.2, < 3)
    git (1.11.0)
      rchardet (~> 1.8)
    github_api (0.16.0)
      addressable (~> 2.4.0)
      descendants_tracker (~> 0.0.4)
      faraday (~> 0.8, < 0.10)
      hashie (>= 3.4)
      mime-types (>= 1.16, < 3.0)
      oauth2 (~> 1.0)
    hashie (3.6.0)
    highline (2.0.1)
    i18n (1.12.0)
      concurrent-ruby (~> 1.0)
    io-console (0.6.0)
    irb (1.6.4)
      reline (>= 0.3.0)
    jeweler (2.3.9)
      builder
      bundler
      git (>= 1.2.5)
      github_api (~> 0.16.0)
      highline (>= 1.6.15)
      nokogiri (>= 1.5.10)
      psych
      rake
      rdoc
      semver2
    json (2.6.3)
    jwt (2.1.0)
    language_server-protocol (3.17.0.3)
    method_source (1.0.0)
    mime-types (2.99.3)
    mini_portile2 (2.8.8)
    multi_json (1.13.1)
    multi_xml (0.6.0)
    multipart-post (2.0.0)
    nokogiri (1.16.7)
      mini_portile2 (~> 2.8.2)
      racc (~> 1.4)
    oauth2 (1.4.1)
      faraday (>= 0.8, < 0.16.0)
      jwt (>= 1.0, < 3.0)
      multi_json (~> 1.3)
      multi_xml (~> 0.5)
      rack (>= 1.2, < 3)
    parallel (1.22.1)
    parser (3.2.0.0)
      ast (~> 2.4.1)
    power_assert (2.0.3)
    prettier_print (1.2.1)
    pry (0.14.2)
      coderay (~> 1.1)
      method_source (~> 1.0)
    pry-nav (1.0.0)
      pry (>= 0.9.10, < 0.15)
    psych (5.1.0)
      stringio
    racc (1.8.1)
    rack (2.2.6.4)
    rainbow (3.1.1)
    rake (13.0.1)
    rchardet (1.8.0)
    rdoc (6.3.3)
    regexp_parser (2.6.1)
    reline (0.3.3)
      io-console (~> 0.5)
    rexml (3.2.5)
    rubocop (1.42.0)
      json (~> 2.3)
      parallel (~> 1.10)
      parser (>= 3.1.2.1)
      rainbow (>= 2.2.2, < 4.0)
      regexp_parser (>= 1.8, < 3.0)
      rexml (>= 3.2.5, < 4.0)
      rubocop-ast (>= 1.24.1, < 2.0)
      ruby-progressbar (~> 1.7)
      unicode-display_width (>= 1.4.0, < 3.0)
    rubocop-ast (1.24.1)
      parser (>= 3.1.1.0)
    rubocop-shopify (2.11.1)
      rubocop (~> 1.42)
    ruby-lsp (0.7.3)
      language_server-protocol (~> 3.17.0)
      sorbet-runtime
      syntax_tree (>= 6.1.1, < 7)
    ruby-progressbar (1.11.0)
    rubyzip (2.3.2)
    semver2 (3.4.2)
    sorbet-runtime (0.5.10921)
    stringio (3.0.5)
    syntax_tree (6.1.1)
      prettier_print (>= 1.2.0)
    test-unit (3.6.1)
      power_assert
    thor (1.2.1)
    thread_safe (0.3.6)
    unicode-display_width (2.3.0)

PLATFORMS
  ruby

DEPENDENCIES
  debug
  i18n
  jeweler
  nokogiri
  pry
  pry-nav
  psych (>= 4.0.0)
  rubocop-shopify
  ruby-lsp
  rubyzip
  test-unit
  thor

BUNDLED WITH
   2.1.4
