GEM
  remote: http://rubygems.org/
  specs:
    coderay (1.0.9)
    git (1.2.5)
    i18n (0.6.0)
    jeweler (1.6.4)
      bundler (~> 1.0)
      git (>= 1.2.5)
      rake
    method_source (0.8.1)
    nokogiri (1.5.0)
    pry (0.9.12)
      coderay (~> 1.0.5)
      method_source (~> 0.8)
      slop (~> 3.4)
    pry-nav (0.2.3)
      pry (~> 0.9.10)
    rake (0.9.2.2)
    rubyzip (1.1.0)
    slop (3.4.3)
    thor (0.14.6)
    ya2yaml (0.30)

PLATFORMS
  ruby

DEPENDENCIES
  i18n
  jeweler
  nokogiri
  pry
  pry-nav
  rubyzip
  thor
  ya2yaml
