GEM
  remote: http://rubygems.org/
  specs:
    git (1.2.5)
    i18n (0.6.0)
    jeweler (1.6.4)
      bundler (~> 1.0)
      git (>= 1.2.5)
      rake
    nokogiri (1.5.0)
    rake (0.9.2.2)
    thor (0.14.6)
    ya2yaml (0.30)

PLATFORMS
  ruby

DEPENDENCIES
  i18n
  jeweler
  nokogiri
  thor
  ya2yaml
